GEM
  remote: https://rubygems.org/
  specs:
    cleverbot_io (1.2.3)
      httpclient (~> 2.8)
      oj (~> 2.15)
    concurrent-ruby (1.0.5)
    eventmachine (1.2.5)
    faraday (0.14.0)
      multipart-post (>= 1.2, < 3)
    faye-websocket (0.10.7)
      eventmachine (>= 0.12.0)
      websocket-driver (>= 0.5.1)
    htmlentities (4.3.4)
    http_router (0.11.2)
      rack (>= 1.0.0)
      url_mount (~> 0.2.1)
    httpclient (2.8.3)
    i18n (1.0.0)
      concurrent-ruby (~> 1.0)
    ice_nine (0.11.2)
    lita (4.7.1)
      bundler (>= 1.3)
      faraday (>= 0.8.7)
      http_router (>= 0.11.2)
      i18n (>= 0.6.9)
      ice_nine (>= 0.11.0)
      multi_json (>= 1.7.7)
      puma (>= 2.7.1)
      rack (>= 1.5.2, < 2.0.0)
      rb-readline (>= 0.5.1)
      redis-namespace (>= 1.3.0)
      thor (>= 0.18.1)
    lita-ai (0.1.3)
      cleverbot_io (~> 1.2.2)
      htmlentities (~> 4.3)
      lita (>= 4.6)
    lita-slack (1.8.0)
      eventmachine
      faraday
      faye-websocket (>= 0.8.0)
      lita (>= 4.7.1)
      multi_json
    multi_json (1.13.1)
    multipart-post (2.0.0)
    oj (2.18.5)
    puma (3.11.2)
    rack (1.6.8)
    rb-readline (0.5.5)
    redis (4.0.1)
    redis-namespace (1.6.0)
      redis (>= 3.0.4)
    thor (0.20.0)
    url_mount (0.2.1)
      rack
    websocket-driver (0.7.0)
      websocket-extensions (>= 0.1.0)
    websocket-extensions (0.1.3)

PLATFORMS
  ruby

DEPENDENCIES
  lita
  lita-ai
  lita-slack

BUNDLED WITH
   1.16.1
